GEM
  remote: https://rubygems.org/
  specs:
    memcached (1.8.0)

PLATFORMS
  ruby

DEPENDENCIES
  memcached

RUBY VERSION
   ruby 2.5.0p0

BUNDLED WITH
   1.16.1
